GEM
  remote: https://rubygems.org/
  specs:
    activesupport (5.0.1)
      concurrent-ruby (~> 1.0, >= 1.0.2)
      i18n (~> 0.7)
      minitest (~> 5.1)
      tzinfo (~> 1.1)
    ansi (1.5.0)
    backports (3.6.8)
    builder (3.2.2)
    concurrent-ruby (1.0.4)
    easy_breadcrumbs (0.5.0)
      activesupport
      erubis
      sinatra
    erubis (2.7.0)
    haml (4.0.7)
      tilt
    i18n (0.8.0)
    minitest (5.10.1)
    minitest-reporters (1.1.13)
      ansi
      builder
      minitest (>= 5.0)
      ruby-progressbar
    multi_json (1.12.1)
    rack (1.6.5)
    rack-protection (1.5.3)
      rack
    rack-test (0.6.3)
      rack (>= 1.0)
    ruby-progressbar (1.8.1)
    sequel (4.42.1)
    sinatra (1.4.7)
      rack (~> 1.5)
      rack-protection (~> 1.4)
      tilt (>= 1.3, < 3)
    sinatra-contrib (1.4.7)
      backports (>= 2.0)
      multi_json
      rack-protection
      rack-test
      sinatra (~> 1.4.0)
      tilt (>= 1.3, < 3)
    sinatra-paginate (0.1.0)
      sinatra
    thread_safe (0.3.5)
    tilt (2.0.5)
    tzinfo (1.2.2)
      thread_safe (~> 0.1)

PLATFORMS
  ruby

DEPENDENCIES
  easy_breadcrumbs
  erubis
  haml
  minitest
  minitest-reporters
  sequel
  sinatra (~> 1.4.7)
  sinatra-contrib
  sinatra-paginate

BUNDLED WITH
   1.13.5
